GEM
  remote: https://rubygems.org/
  specs:
    websocket (1.1.1)

PLATFORMS
  ruby

DEPENDENCIES
  websocket
